PATH
  remote: .
  specs:
    http_method_not_allowed_middleware (0.0.0)

GEM
  remote: https://rubygems.org/
  specs:
    ast (2.4.0)
    bump (0.6.0)
    maxitest (2.8.0)
      minitest (>= 5.0.0, < 5.12.0)
    minitest (5.11.3)
    parallel (1.12.1)
    parser (2.5.0.5)
      ast (~> 2.4.0)
    powerpack (0.1.1)
    rainbow (3.0.0)
    rake (12.3.1)
    rubocop (0.54.0)
      parallel (~> 1.10)
      parser (>= 2.5)
      powerpack (~> 0.1)
      rainbow (>= 2.2.2, < 4.0)
      ruby-progressbar (~> 1.7)
      unicode-display_width (~> 1.0, >= 1.0.1)
    ruby-progressbar (1.9.0)
    single_cov (1.0.1)
    unicode-display_width (1.3.0)

PLATFORMS
  ruby

DEPENDENCIES
  bump
  http_method_not_allowed_middleware!
  maxitest
  rake
  rubocop
  single_cov

BUNDLED WITH
   1.16.1
